GEM
  remote: http://mygemserver.com/
  specs:

PLATFORMS
  ruby

DEPENDENCIES

BUNDLED WITH
   2.0.2
